Brain Vision Data Exchange Header File Version 1.0
;Written using pybv 0.3.0

[Common Infos]
Codepage=UTF-8
DataFile=sub-la02_ses-presurgery_task-ictal_acq-seeg_run-01_ieeg.eeg
MarkerFile=sub-la02_ses-presurgery_task-ictal_acq-seeg_run-01_ieeg.vmrk
DataFormat=BINARY
; DataOrientation: MULTIPLEXED=ch1,pt1, ch2,pt1 ...
DataOrientation=MULTIPLEXED
NumberOfChannels=106
; Sampling interval in microseconds
SamplingInterval=1000

[Binary Infos]
BinaryFormat=IEEE_FLOAT_32

[Channel Infos]
; Each entry: Ch<Channel number>=<Name>,<Reference channel name>,
; <Resolution in "unit">,<unit>,Future extensions…
; Fields are delimited by commas, some fields might be omitted (empty).
; Commas in channel names are coded as "\1".
Ch1=L'1,,0.001,µV
Ch2=L'2,,0.001,µV
Ch3=L'3,,0.001,µV
Ch4=L'4,,0.001,µV
Ch5=FZ,,0.001,µV
Ch6=CZ,,0.001,µV
Ch7=L'5,,0.001,µV
Ch8=L'6,,0.001,µV
Ch9=L'7,,0.001,µV
Ch10=L'8,,0.001,µV
Ch11=L'11,,0.001,µV
Ch12=L'12,,0.001,µV
Ch13=L'13,,0.001,µV
Ch14=L'14,,0.001,µV
Ch15=N'1,,0.001,µV
Ch16=N'2,,0.001,µV
Ch17=N'3,,0.001,µV
Ch18=N'4,,0.001,µV
Ch19=N'5,,0.001,µV
Ch20=E,,0.001,µV
Ch21=N'6,,0.001,µV
Ch22=N'7,,0.001,µV
Ch23=L'9,,0.001,µV
Ch24=L'10,,0.001,µV
Ch25=N'8,,0.001,µV
Ch26=N'9,,0.001,µV
Ch27=N'10,,0.001,µV
Ch28=N'11,,0.001,µV
Ch29=N'12,,0.001,µV
Ch30=F'1,,0.001,µV
Ch31=F'2,,0.001,µV
Ch32=F'3,,0.001,µV
Ch33=F'4,,0.001,µV
Ch34=F'5,,0.001,µV
Ch35=F'6,,0.001,µV
Ch36=F'7,,0.001,µV
Ch37=F'8,,0.001,µV
Ch38=DC01,,0.001,µV
Ch39=DC02,,0.001,µV
Ch40=DC03,,0.001,µV
Ch41=DC04,,0.001,µV
Ch42=DC05,,0.001,µV
Ch43=DC06,,0.001,µV
Ch44=DC07,,0.001,µV
Ch45=DC08,,0.001,µV
Ch46=F'9,,0.001,µV
Ch47=F'10,,0.001,µV
Ch48=MARK1,,0.001,µV
Ch49=MARK2,,0.001,µV
Ch50=F'11,,0.001,µV
Ch51=F'12,,0.001,µV
Ch52=F'13,,0.001,µV
Ch53=F'14,,0.001,µV
Ch54=O'1,,0.001,µV
Ch55=O'2,,0.001,µV
Ch56=O'3,,0.001,µV
Ch57=O'4,,0.001,µV
Ch58=O'5,,0.001,µV
Ch59=O'6,,0.001,µV
Ch60=O'7,,0.001,µV
Ch61=O'8,,0.001,µV
Ch62=O'9,,0.001,µV
Ch63=O'10,,0.001,µV
Ch64=O'11,,0.001,µV
Ch65=O'12,,0.001,µV
Ch66=O'13,,0.001,µV
Ch67=O'14,,0.001,µV
Ch68=O'15,,0.001,µV
Ch69=O'16,,0.001,µV
Ch70=G'1,,0.001,µV
Ch71=G'2,,0.001,µV
Ch72=G'3,,0.001,µV
Ch73=G'4,,0.001,µV
Ch74=G'5,,0.001,µV
Ch75=G'6,,0.001,µV
Ch76=G'7,,0.001,µV
Ch77=G'8,,0.001,µV
Ch78=G'9,,0.001,µV
Ch79=G'10,,0.001,µV
Ch80=G'11,,0.001,µV
Ch81=G'12,,0.001,µV
Ch82=G'13,,0.001,µV
Ch83=G'14,,0.001,µV
Ch84=G'15,,0.001,µV
Ch85=G'16,,0.001,µV
Ch86=X'1,,0.001,µV
Ch87=X'2,,0.001,µV
Ch88=X'3,,0.001,µV
Ch89=X'4,,0.001,µV
Ch90=X'5,,0.001,µV
Ch91=X'6,,0.001,µV
Ch92=X'7,,0.001,µV
Ch93=X'8,,0.001,µV
Ch94=X'9,,0.001,µV
Ch95=X'10,,0.001,µV
Ch96=X'11,,0.001,µV
Ch97=X'12,,0.001,µV
Ch98=X'13,,0.001,µV
Ch99=X'14,,0.001,µV
Ch100=X'15,,0.001,µV
Ch101=X'16,,0.001,µV
Ch102=TP10,,0.001,µV
Ch103=PZ,,0.001,µV
Ch104=EKG1,,0.001,µV
Ch105=EKG2,,0.001,µV
Ch106=EVENTS/MARKERS,,0.001,µV

[Comment]

