Brain Vision Data Exchange Header File Version 1.0
;Written using pybv 0.2.0

[Common Infos]
Codepage=UTF-8
DataFile=la02_ictal_reduced.eeg
MarkerFile=la02_ictal_reduced.vmrk
DataFormat=BINARY
; DataOrientation: MULTIPLEXED=ch1,pt1, ch2,pt1 ...
DataOrientation=MULTIPLEXED
NumberOfChannels=140
; Sampling interval in microseconds
SamplingInterval=1000

[Binary Infos]
BinaryFormat=IEEE_FLOAT_32

[Channel Infos]
; Each entry: Ch<Channel number>=<Name>,<Reference channel name>,
; <Resolution in "unit">,<unit>,Future extensions…
; Fields are delimited by commas, some fields might be omitted (empty).
; Commas in channel names are coded as "\1".
Ch1=L'1,,1.000,nV
Ch2=L'2,,1.000,nV
Ch3=L'3,,1.000,nV
Ch4=L'4,,1.000,nV
Ch5=FZ,,1.000,nV
Ch6=CZ,,1.000,nV
Ch7=L'5,,1.000,nV
Ch8=L'6,,1.000,nV
Ch9=L'7,,1.000,nV
Ch10=L'8,,1.000,nV
Ch11=L'11,,1.000,nV
Ch12=L'12,,1.000,nV
Ch13=L'13,,1.000,nV
Ch14=L'14,,1.000,nV
Ch15=N'1,,1.000,nV
Ch16=N'2,,1.000,nV
Ch17=N'3,,1.000,nV
Ch18=N'4,,1.000,nV
Ch19=N'5,,1.000,nV
Ch20=E,,1.000,nV
Ch21=N'6,,1.000,nV
Ch22=N'7,,1.000,nV
Ch23=L'9,,1.000,nV
Ch24=L'10,,1.000,nV
Ch25=N'8,,1.000,nV
Ch26=N'9,,1.000,nV
Ch27=N'10,,1.000,nV
Ch28=N'11,,1.000,nV
Ch29=N'12,,1.000,nV
Ch30=F'1,,1.000,nV
Ch31=F'2,,1.000,nV
Ch32=F'3,,1.000,nV
Ch33=F'4,,1.000,nV
Ch34=F'5,,1.000,nV
Ch35=F'6,,1.000,nV
Ch36=F'7,,1.000,nV
Ch37=F'8,,1.000,nV
Ch38=DC01,,1.000,nV
Ch39=DC02,,1.000,nV
Ch40=DC03,,1.000,nV
Ch41=DC04,,1.000,nV
Ch42=DC05,,1.000,nV
Ch43=DC06,,1.000,nV
Ch44=DC07,,1.000,nV
Ch45=DC08,,1.000,nV
Ch46=F'9,,1.000,nV
Ch47=F'10,,1.000,nV
Ch48=MARK1,,1.000,nV
Ch49=MARK2,,1.000,nV
Ch50=F'11,,1.000,nV
Ch51=F'12,,1.000,nV
Ch52=F'13,,1.000,nV
Ch53=F'14,,1.000,nV
Ch54=O'1,,1.000,nV
Ch55=O'2,,1.000,nV
Ch56=O'3,,1.000,nV
Ch57=O'4,,1.000,nV
Ch58=O'5,,1.000,nV
Ch59=O'6,,1.000,nV
Ch60=O'7,,1.000,nV
Ch61=O'8,,1.000,nV
Ch62=O'9,,1.000,nV
Ch63=O'10,,1.000,nV
Ch64=O'11,,1.000,nV
Ch65=O'12,,1.000,nV
Ch66=O'13,,1.000,nV
Ch67=O'14,,1.000,nV
Ch68=O'15,,1.000,nV
Ch69=O'16,,1.000,nV
Ch70=G'1,,1.000,nV
Ch71=G'2,,1.000,nV
Ch72=G'3,,1.000,nV
Ch73=G'4,,1.000,nV
Ch74=G'5,,1.000,nV
Ch75=G'6,,1.000,nV
Ch76=G'7,,1.000,nV
Ch77=G'8,,1.000,nV
Ch78=G'9,,1.000,nV
Ch79=G'10,,1.000,nV
Ch80=G'11,,1.000,nV
Ch81=G'12,,1.000,nV
Ch82=G'13,,1.000,nV
Ch83=G'14,,1.000,nV
Ch84=G'15,,1.000,nV
Ch85=G'16,,1.000,nV
Ch86=X'1,,1.000,nV
Ch87=X'2,,1.000,nV
Ch88=X'3,,1.000,nV
Ch89=X'4,,1.000,nV
Ch90=X'5,,1.000,nV
Ch91=X'6,,1.000,nV
Ch92=X'7,,1.000,nV
Ch93=X'8,,1.000,nV
Ch94=X'9,,1.000,nV
Ch95=X'10,,1.000,nV
Ch96=X'11,,1.000,nV
Ch97=X'12,,1.000,nV
Ch98=X'13,,1.000,nV
Ch99=X'14,,1.000,nV
Ch100=X'15,,1.000,nV
Ch101=X'16,,1.000,nV
Ch102=0,,1.000,nV
Ch103=1,,1.000,nV
Ch104=2,,1.000,nV
Ch105=3,,1.000,nV
Ch106=4,,1.000,nV
Ch107=5,,1.000,nV
Ch108=6,,1.000,nV
Ch109=7,,1.000,nV
Ch110=8,,1.000,nV
Ch111=9,,1.000,nV
Ch112=10,,1.000,nV
Ch113=11,,1.000,nV
Ch114=12,,1.000,nV
Ch115=13,,1.000,nV
Ch116=14,,1.000,nV
Ch117=15,,1.000,nV
Ch118=16,,1.000,nV
Ch119=17,,1.000,nV
Ch120=18,,1.000,nV
Ch121=19,,1.000,nV
Ch122=20,,1.000,nV
Ch123=21,,1.000,nV
Ch124=22,,1.000,nV
Ch125=23,,1.000,nV
Ch126=24,,1.000,nV
Ch127=25,,1.000,nV
Ch128=26,,1.000,nV
Ch129=27,,1.000,nV
Ch130=28,,1.000,nV
Ch131=29,,1.000,nV
Ch132=30,,1.000,nV
Ch133=31,,1.000,nV
Ch134=32,,1.000,nV
Ch135=33,,1.000,nV
Ch136=TP10,,1.000,nV
Ch137=PZ,,1.000,nV
Ch138=EKG1,,1.000,nV
Ch139=EKG2,,1.000,nV
Ch140=EVENTS/MARKERS,,1.000,nV

[Comment]

